GEM
  specs:
    daemons (1.1.0)
    eventmachine (0.12.10)
    rack (1.2.1)
    sinatra (1.1.0)
      rack (~> 1.1)
      tilt (~> 1.1)
    thin (1.2.7)
      daemons (>= 1.0.9)
      eventmachine (>= 0.12.6)
      rack (>= 1.0.0)
    tilt (1.1)

PLATFORMS
  ruby

DEPENDENCIES
  sinatra
  thin
